GEM
  remote: http://rubygems.org/
  specs:
    diff-lcs (1.2.4)
    rspec-expectations (2.14.0)
      diff-lcs (>= 1.1.3, < 2.0)
    test-unit (2.5.5)

PLATFORMS
  java
  ruby
  x86-mingw32

DEPENDENCIES
  rspec-expectations
  test-unit
